GEM
  remote: http://rubygems.org/
  specs:
    cabin (0.4.4)
      json
    clamp (0.4.0)
    diff-lcs (1.1.3)
    insist (0.0.5)
    json (1.7.3)
    rspec (2.10.0)
      rspec-core (~> 2.10.0)
      rspec-expectations (~> 2.10.0)
      rspec-mocks (~> 2.10.0)
    rspec-core (2.10.1)
    rspec-expectations (2.10.0)
      diff-lcs (~> 1.1.3)
    rspec-mocks (2.10.1)

PLATFORMS
  ruby

DEPENDENCIES
  cabin
  clamp
  insist
  rspec
