GEM
  remote: http://rubygems.org/
  specs:
    cabin (0.4.4)
      json
    clamp (0.4.0)
    coderay (1.0.7)
    diff-lcs (1.1.3)
    insist (0.0.5)
    json (1.7.3)
    method_source (0.7.1)
    pry (0.9.9.6)
      coderay (~> 1.0.5)
      method_source (~> 0.7.1)
      slop (>= 2.4.4, < 3)
    rspec (2.10.0)
      rspec-core (~> 2.10.0)
      rspec-expectations (~> 2.10.0)
      rspec-mocks (~> 2.10.0)
    rspec-core (2.10.1)
    rspec-expectations (2.10.0)
      diff-lcs (~> 1.1.3)
    rspec-mocks (2.10.1)
    slop (2.4.4)

PLATFORMS
  ruby

DEPENDENCIES
  cabin
  clamp
  insist
  pry
  rspec
